{
	"Modality": "MR",
	"MagneticFieldStrength": 3,
	"ImagingFrequency": 123.256,
	"Manufacturer": "Siemens",
	"ManufacturersModelName": "TrioTim",
	"InstitutionName": "Brigham_Young_University",
	"InstitutionalDepartmentName": "MRI",
	"InstitutionAddress": "University_Pkwy_1700_North_685_Provo_UT_US_84601",
	"DeviceSerialNumber": "35002",
	"StationName": "MININT-E41B04",
	"PatientPosition": "HFS",
	"ProcedureStepDescription": "Research_KIRWAN",
	"SoftwareVersions": "syngo_MR_B17",
	"MRAcquisitionType": "2D",
	"SeriesDescription": "gre_field_mapping",
	"ProtocolName": "gre_field_mapping",
	"ScanningSequence": "GR",
	"SequenceVariant": "SP",
	"SequenceName": "_fm2d2r",
	"ImageType": ["ORIGINAL", "PRIMARY", "M", "ND"],
	"SeriesNumber": 10,
	"AcquisitionTime": "12:53:4.620000",
	"AcquisitionNumber": 1,
	"SliceThickness": 3,
	"SpacingBetweenSlices": 3,
	"SAR": 0.269355,
	"EchoNumber": 2,
	"EchoTime": 0.00738,
	"RepetitionTime": 0.529,
	"FlipAngle": 60,
	"PartialFourier": 1,
	"BaseResolution": 68,
	"ShimSetting": [
		-2693,
		-23170,
		2567,
		1114,
		68,
		218,
		245,
		45	],
	"TxRefAmp": 326.208,
	"PhaseResolution": 1,
	"ReceiveCoilName": "32Ch_Head",
	"CoilString": "C:HEA;HEP",
	"PulseSequenceDetails": "%SiemensSeq%_gre_field_mapping",
	"PercentPhaseFOV": 100,
	"PhaseEncodingSteps": 68,
	"AcquisitionMatrixPE": 68,
	"ReconMatrixPE": 68,
	"PixelBandwidth": 291,
	"DwellTime": 2.53e-05,
	"PhaseEncodingDirection": "i",
	"SliceTiming": [
		0.26562,
		0,
		0.28125,
		0.01562,
		0.28906,
		0.02344,
		0.30469,
		0.03906,
		0.3125,
		0.04688,
		0.32031,
		0.05469,
		0.33594,
		0.07031,
		0.34375,
		0.07812,
		0.35156,
		0.08594,
		0.36719,
		0.10156,
		0.375,
		0.10938,
		0.38281,
		0.11719,
		0.39844,
		0.13281,
		0.40625,
		0.14062,
		0.42188,
		0.15625,
		0.42969,
		0.16406,
		0.4375,
		0.17188,
		0.45312,
		0.17969,
		0.46094,
		0.19531,
		0.46875,
		0.20312,
		0.48438,
		0.21875,
		0.49219,
		0.22656,
		0.5,
		0.24219,
		0.51562,
		0.25,
		0.52344,
		0.25781	],
	"ImageOrientationPatientDICOM": [
		0.999305,
		0.0218232,
		-0.0302299,
		1.72427e-10,
		0.810801,
		0.585322	],
	"InPlanePhaseEncodingDirectionDICOM": "ROW",
	"ConversionSoftware": "dcm2niix",
	"ConversionSoftwareVersion": "v1.0.20190902"
}
