{
  "Modality": "MR",
  "MagneticFieldStrength": 3,
  "Manufacturer": "Siemens",
  "ManufacturersModelName": "TrioTim",
  "InstitutionName": "Brigham_Young_University",
  "InstitutionalDepartmentName": "MRI",
  "InstitutionAddress": "University_Pkwy_1700_North_685_Provo_UT_US_84601",
  "DeviceSerialNumber": "35002",
  "StationName": "MININT-E41B04",
  "PatientPosition": "HFS",
  "ProcedureStepDescription": "Research_KIRWAN",
  "SoftwareVersions": "syngo_MR_B17",
  "MRAcquisitionType": "2D",
  "SeriesDescription": "run5",
  "ProtocolName": "run5",
  "ScanningSequence": "EP",
  "SequenceVariant": "SK",
  "ScanOptions": "FS",
  "SequenceName": "epfid2d1_100",
  "ImageType": [
    "ORIGINAL",
    "PRIMARY",
    "M",
    "ND",
    "MOSAIC"
  ],
  "SeriesNumber": 7,
  "AcquisitionTime": "14:43:34.105000",
  "AcquisitionNumber": 1,
  "ImageComments": "Unaliased_MB8_PE3_(remote)",
  "SliceThickness": 1.8,
  "SpacingBetweenSlices": 1.8,
  "SAR": 0.118715,
  "EchoTime": 0.0436,
  "RepetitionTime": 0.875,
  "FlipAngle": 55,
  "PartialFourier": 1,
  "BaseResolution": 100,
  "ShimSetting": [
    -2675,
    -23170,
    2466,
    676,
    -210,
    -41,
    -259,
    36
  ],
  "TxRefAmp": 359.097,
  "PhaseResolution": 1,
  "ReceiveCoilName": "32Ch_Head",
  "PulseSequenceDetails": "%CustomerSeq%_cmrr_mbep2d_bold",
  "MultibandAccelerationFactor": 8,
  "PercentPhaseFOV": 100,
  "PhaseEncodingSteps": 100,
  "AcquisitionMatrixPE": 100,
  "ReconMatrixPE": 100,
  "BandwidthPerPixelPhaseEncode": 13.889,
  "EffectiveEchoSpacing": 0.000719994,
  "DerivedVendorReportedEchoSpacing": 0.000719994,
  "TotalReadoutTime": 0.0712794,
  "PixelBandwidth": 1786,
  "DwellTime": 2.8e-06,
  "PhaseEncodingDirection": "j-",
  "SliceTiming": [
    0,
    0.4875,
    0.0975,
    0.585,
    0.195,
    0.6825,
    0.2925,
    0.78,
    0.39,
    0,
    0.4875,
    0.0975,
    0.585,
    0.195,
    0.6825,
    0.2925,
    0.78,
    0.39,
    0,
    0.4875,
    0.0975,
    0.585,
    0.195,
    0.6825,
    0.2925,
    0.78,
    0.39,
    0,
    0.4875,
    0.0975,
    0.585,
    0.195,
    0.6825,
    0.2925,
    0.78,
    0.39,
    0,
    0.4875,
    0.0975,
    0.585,
    0.195,
    0.6825,
    0.2925,
    0.78,
    0.39,
    0,
    0.4875,
    0.0975,
    0.585,
    0.195,
    0.6825,
    0.2925,
    0.78,
    0.39,
    0,
    0.4875,
    0.0975,
    0.585,
    0.195,
    0.6825,
    0.2925,
    0.78,
    0.39,
    0,
    0.4875,
    0.0975,
    0.585,
    0.195,
    0.6825,
    0.2925,
    0.78,
    0.39
  ],
  "ImageOrientationPatientDICOM": [
    0.99997,
    -0.00391926,
    0.00668429,
    4.63064e-08,
    0.862651,
    0.505799
  ],
  "InPlanePhaseEncodingDirectionDICOM": "COL",
  "ConversionSoftware": "dcm2niix",
  "ConversionSoftwareVersion": "v1.0.20180404 Clang8.0.0",
  "TaskName": "MST"
}
