{
	"Modality": "MR",
	"MagneticFieldStrength": 3,
	"ImagingFrequency": 123.209,
	"Manufacturer": "Siemens",
	"ManufacturersModelName": "TrioTim",
	"InstitutionName": "Brigham_Young_University",
	"InstitutionalDepartmentName": "MRI",
	"InstitutionAddress": "University_Pkwy_1700_North_685_Provo_UT_US_84601",
	"DeviceSerialNumber": "35002",
	"StationName": "MININT-E41B04",
	"PatientPosition": "HFS",
	"ProcedureStepDescription": "Research_KIRWAN",
	"SoftwareVersions": "syngo_MR_B17",
	"MRAcquisitionType": "2D",
	"SeriesDescription": "gre_field_mapping",
	"ProtocolName": "gre_field_mapping",
	"ScanningSequence": "GR",
	"SequenceVariant": "SP",
	"SequenceName": "_fm2d2r",
	"ImageType": ["ORIGINAL", "PRIMARY", "M", "ND"],
	"SeriesNumber": 10,
	"AcquisitionTime": "11:07:4.952500",
	"AcquisitionNumber": 1,
	"SliceThickness": 3,
	"SpacingBetweenSlices": 3,
	"SAR": 0.221817,
	"EchoNumber": 1,
	"EchoTime": 0.00492,
	"RepetitionTime": 0.529,
	"FlipAngle": 60,
	"PartialFourier": 1,
	"BaseResolution": 68,
	"ShimSetting": [
		-2650,
		-23150,
		2404,
		1080,
		63,
		83,
		-31,
		48	],
	"TxRefAmp": 339.377,
	"PhaseResolution": 1,
	"ReceiveCoilName": "32Ch_Head",
	"CoilString": "C:HEA;HEP",
	"PulseSequenceDetails": "%SiemensSeq%_gre_field_mapping",
	"PercentPhaseFOV": 100,
	"PhaseEncodingSteps": 68,
	"AcquisitionMatrixPE": 68,
	"ReconMatrixPE": 68,
	"PixelBandwidth": 291,
	"DwellTime": 2.53e-05,
	"PhaseEncodingDirection": "i",
	"SliceTiming": [
		0.26562,
		0,
		0.28125,
		0.00781,
		0.28906,
		0.02344,
		0.29688,
		0.03125,
		0.30469,
		0.03906,
		0.32031,
		0.05469,
		0.32812,
		0.0625,
		0.34375,
		0.07812,
		0.35156,
		0.08594,
		0.35938,
		0.09375,
		0.375,
		0.10938,
		0.38281,
		0.11719,
		0.39062,
		0.125,
		0.40625,
		0.14062,
		0.41406,
		0.14844,
		0.42188,
		0.15625,
		0.4375,
		0.17188,
		0.44531,
		0.17969,
		0.46094,
		0.19531,
		0.46875,
		0.20312,
		0.47656,
		0.21094,
		0.49219,
		0.21875,
		0.5,
		0.23438,
		0.50781,
		0.24219,
		0.52344,
		0.25781	],
	"ImageOrientationPatientDICOM": [
		0.999999,
		-0.000686446,
		0.00134149,
		2.18441e-10,
		0.890221,
		0.455529	],
	"InPlanePhaseEncodingDirectionDICOM": "ROW",
	"ConversionSoftware": "dcm2niix",
	"ConversionSoftwareVersion": "v1.0.20190902"
}
