{
	"Modality": "MR",
	"MagneticFieldStrength": 3,
	"ImagingFrequency": 123.256,
	"Manufacturer": "Siemens",
	"ManufacturersModelName": "TrioTim",
	"InstitutionName": "Brigham_Young_University",
	"InstitutionalDepartmentName": "MRI",
	"InstitutionAddress": "University_Pkwy_1700_North_685_Provo_UT_US_84601",
	"DeviceSerialNumber": "35002",
	"StationName": "MININT-E41B04",
	"PatientPosition": "HFS",
	"ProcedureStepDescription": "Research_KIRWAN",
	"SoftwareVersions": "syngo_MR_B17",
	"MRAcquisitionType": "2D",
	"SeriesDescription": "gre_field_mapping",
	"ProtocolName": "gre_field_mapping",
	"ScanningSequence": "GR",
	"SequenceVariant": "SP",
	"SequenceName": "_fm2d2r",
	"ImageType": ["ORIGINAL", "PRIMARY", "M", "ND"],
	"SeriesNumber": 10,
	"AcquisitionTime": "11:13:45.210000",
	"AcquisitionNumber": 1,
	"SliceThickness": 3,
	"SpacingBetweenSlices": 3,
	"SAR": 0.297799,
	"EchoNumber": 2,
	"EchoTime": 0.00738,
	"RepetitionTime": 0.529,
	"FlipAngle": 60,
	"PartialFourier": 1,
	"BaseResolution": 68,
	"ShimSetting": [
		-2683,
		-23106,
		2447,
		578,
		89,
		436,
		-56,
		19	],
	"TxRefAmp": 334.91,
	"PhaseResolution": 1,
	"ReceiveCoilName": "32Ch_Head",
	"CoilString": "C:HEA;HEP",
	"PulseSequenceDetails": "%SiemensSeq%_gre_field_mapping",
	"PercentPhaseFOV": 100,
	"PhaseEncodingSteps": 68,
	"AcquisitionMatrixPE": 68,
	"ReconMatrixPE": 68,
	"PixelBandwidth": 291,
	"DwellTime": 2.53e-05,
	"PhaseEncodingDirection": "i",
	"SliceTiming": [
		0.26562,
		0,
		0.27344,
		0.00781,
		0.28906,
		0.02344,
		0.29688,
		0.03125,
		0.30469,
		0.03906,
		0.32031,
		0.05469,
		0.32812,
		0.0625,
		0.33594,
		0.07812,
		0.35156,
		0.08594,
		0.35938,
		0.09375,
		0.375,
		0.10938,
		0.38281,
		0.11719,
		0.39062,
		0.125,
		0.40625,
		0.14062,
		0.41406,
		0.14844,
		0.42188,
		0.15625,
		0.4375,
		0.17188,
		0.44531,
		0.17969,
		0.46094,
		0.19531,
		0.46875,
		0.20312,
		0.47656,
		0.21094,
		0.49219,
		0.21875,
		0.5,
		0.23438,
		0.50781,
		0.24219,
		0.52344,
		0.25781	],
	"ImageOrientationPatientDICOM": [
		1,
		-1.85277e-10,
		-8.79761e-11,
		2.05103e-10,
		0.903335,
		0.428935	],
	"InPlanePhaseEncodingDirectionDICOM": "ROW",
	"ConversionSoftware": "dcm2niix",
	"ConversionSoftwareVersion": "v1.0.20190902"
}
