{
	"Modality": "MR",
	"MagneticFieldStrength": 3,
	"ImagingFrequency": 123.261,
	"Manufacturer": "Siemens",
	"ManufacturersModelName": "TrioTim",
	"InstitutionName": "Brigham_Young_University",
	"InstitutionalDepartmentName": "MRI",
	"InstitutionAddress": "University_Pkwy_1700_North_685_Provo_UT_US_84601",
	"DeviceSerialNumber": "35002",
	"StationName": "MININT-E41B04",
	"PatientPosition": "HFS",
	"ProcedureStepDescription": "Research_KIRWAN",
	"SoftwareVersions": "syngo_MR_B17",
	"MRAcquisitionType": "2D",
	"SeriesDescription": "gre_field_mapping",
	"ProtocolName": "gre_field_mapping",
	"ScanningSequence": "GR",
	"SequenceVariant": "SP",
	"SequenceName": "_fm2d2r",
	"ImageType": ["ORIGINAL", "PRIMARY", "P", "ND"],
	"SeriesNumber": 11,
	"AcquisitionTime": "20:12:16.520000",
	"AcquisitionNumber": 1,
	"SliceThickness": 3,
	"SpacingBetweenSlices": 3,
	"SAR": 0.214262,
	"EchoNumber": 2,
	"EchoTime": 0.00738,
	"RepetitionTime": 0.529,
	"FlipAngle": 60,
	"PartialFourier": 1,
	"BaseResolution": 68,
	"ShimSetting": [
		-2814,
		-22944,
		2362,
		550,
		42,
		200,
		-344,
		467	],
	"TxRefAmp": 327.552,
	"PhaseResolution": 1,
	"ReceiveCoilName": "32Ch_Head",
	"CoilString": "C:HEA;HEP",
	"PulseSequenceDetails": "%SiemensSeq%_gre_field_mapping",
	"PercentPhaseFOV": 100,
	"PhaseEncodingSteps": 68,
	"AcquisitionMatrixPE": 68,
	"ReconMatrixPE": 68,
	"PixelBandwidth": 291,
	"DwellTime": 2.53e-05,
	"PhaseEncodingDirection": "i",
	"SliceTiming": [
		0.26562,
		0,
		0.28125,
		0.01562,
		0.29688,
		0.03125,
		0.29688,
		0.03125,
		0.3125,
		0.04688,
		0.32812,
		0.0625,
		0.32812,
		0.0625,
		0.34375,
		0.07812,
		0.35938,
		0.09375,
		0.35938,
		0.09375,
		0.375,
		0.10938,
		0.39062,
		0.125,
		0.39062,
		0.125,
		0.40625,
		0.14062,
		0.42188,
		0.15625,
		0.42188,
		0.15625,
		0.4375,
		0.17188,
		0.45312,
		0.1875,
		0.45312,
		0.1875,
		0.46875,
		0.20312,
		0.48438,
		0.21875,
		0.5,
		0.23438,
		0.5,
		0.23438,
		0.51562,
		0.25,
		0.53125,
		0.25	],
	"ImageOrientationPatientDICOM": [
		0.999999,
		-0.000536363,
		0.00112964,
		2.26783e-10,
		0.903344,
		0.428916	],
	"InPlanePhaseEncodingDirectionDICOM": "ROW",
	"ConversionSoftware": "dcm2niix",
	"ConversionSoftwareVersion": "v1.0.20190902"
}
