{
  "Modality": "MR",
  "MagneticFieldStrength": 3,
  "Manufacturer": "Siemens",
  "ManufacturersModelName": "TrioTim",
  "InstitutionName": "Brigham_Young_University",
  "InstitutionalDepartmentName": "MRI",
  "InstitutionAddress": "University_Pkwy_1700_North_685_Provo_UT_US_84601",
  "DeviceSerialNumber": "35002",
  "StationName": "MININT-E41B04",
  "PatientPosition": "HFS",
  "ProcedureStepDescription": "Research_KIRWAN",
  "SoftwareVersions": "syngo_MR_B17",
  "MRAcquisitionType": "2D",
  "SeriesDescription": "run4",
  "ProtocolName": "run4",
  "ScanningSequence": "EP",
  "SequenceVariant": "SK",
  "ScanOptions": "FS",
  "SequenceName": "epfid2d1_100",
  "ImageType": [
    "ORIGINAL",
    "PRIMARY",
    "M",
    "ND",
    "MOSAIC"
  ],
  "SeriesNumber": 6,
  "AcquisitionTime": "17:14:19.980000",
  "AcquisitionNumber": 1,
  "ImageComments": "Unaliased_MB8_PE3_(remote)",
  "SliceThickness": 1.8,
  "SpacingBetweenSlices": 1.8,
  "SAR": 0.115504,
  "EchoTime": 0.0436,
  "RepetitionTime": 0.875,
  "FlipAngle": 55,
  "PartialFourier": 1,
  "BaseResolution": 100,
  "ShimSetting": [
    -2668,
    -23120,
    2480,
    1175,
    7,
    -83,
    105,
    -34
  ],
  "TxRefAmp": 355.888,
  "PhaseResolution": 1,
  "ReceiveCoilName": "32Ch_Head",
  "PulseSequenceDetails": "%CustomerSeq%_cmrr_mbep2d_bold",
  "MultibandAccelerationFactor": 8,
  "PercentPhaseFOV": 100,
  "PhaseEncodingSteps": 100,
  "AcquisitionMatrixPE": 100,
  "ReconMatrixPE": 100,
  "BandwidthPerPixelPhaseEncode": 13.889,
  "EffectiveEchoSpacing": 0.000719994,
  "DerivedVendorReportedEchoSpacing": 0.000719994,
  "TotalReadoutTime": 0.0712794,
  "PixelBandwidth": 1786,
  "DwellTime": 2.8e-06,
  "PhaseEncodingDirection": "j-",
  "SliceTiming": [
    0,
    0.4875,
    0.0975,
    0.5875,
    0.195,
    0.685,
    0.2925,
    0.7825,
    0.39,
    0,
    0.4875,
    0.0975,
    0.5875,
    0.195,
    0.685,
    0.2925,
    0.7825,
    0.39,
    0,
    0.4875,
    0.0975,
    0.5875,
    0.195,
    0.685,
    0.2925,
    0.7825,
    0.39,
    0,
    0.4875,
    0.0975,
    0.5875,
    0.195,
    0.685,
    0.2925,
    0.7825,
    0.39,
    0,
    0.4875,
    0.0975,
    0.5875,
    0.195,
    0.685,
    0.2925,
    0.7825,
    0.39,
    0,
    0.4875,
    0.0975,
    0.5875,
    0.195,
    0.685,
    0.2925,
    0.7825,
    0.39,
    0,
    0.4875,
    0.0975,
    0.5875,
    0.195,
    0.685,
    0.2925,
    0.7825,
    0.39,
    0,
    0.4875,
    0.0975,
    0.5875,
    0.195,
    0.685,
    0.2925,
    0.7825,
    0.39
  ],
  "ImageOrientationPatientDICOM": [
    0.99997,
    0.00363924,
    -0.00679346,
    5.04534e-08,
    0.881483,
    0.472215
  ],
  "InPlanePhaseEncodingDirectionDICOM": "COL",
  "ConversionSoftware": "dcm2niix",
  "ConversionSoftwareVersion": "v1.0.20180404 Clang8.0.0",
  "TaskName": "MST"
}
