{
	"Modality": "MR",
	"MagneticFieldStrength": 3,
	"Manufacturer": "Siemens",
	"ManufacturersModelName": "TrioTim",
	"InstitutionName": "Brigham_Young_University",
	"InstitutionalDepartmentName": "MRI",
	"InstitutionAddress": "University_Pkwy_1700_North_685_Provo_UT_US_84601",
	"DeviceSerialNumber": "35002",
	"StationName": "MININT-E41B04",
	"PatientPosition": "HFS",
	"ProcedureStepDescription": "Research_KIRWAN",
	"SoftwareVersions": "syngo_MR_B17",
	"MRAcquisitionType": "2D",
	"SeriesDescription": "HHR_struct_MODIFIED",
	"ProtocolName": "HHR_struct_MODIFIED",
	"ScanningSequence": "SE",
	"SequenceVariant": "SK_SP_OSP",
	"SequenceName": "_tse2d1_15",
	"ImageType": ["ORIGINAL", "PRIMARY", "M", "ND"],
	"SeriesNumber": 16,
	"AcquisitionTime": "13:24:0.457500",
	"AcquisitionNumber": 1,
	"SliceThickness": 2,
	"SpacingBetweenSlices": 2,
	"SAR": 0.818412,
	"EchoTime": 0.064,
	"RepetitionTime": 6,
	"FlipAngle": 129,
	"PartialFourier": 1,
	"BaseResolution": 512,
	"ShimSetting": [
		-2638,
		-23087,
		2549,
		1022,
		52,
		-57,
		190,
		-84	],
	"TxRefAmp": 333.331,
	"PhaseResolution": 1,
	"PhaseOversampling": 0.4,
	"ReceiveCoilName": "32Ch_Head",
	"PulseSequenceDetails": "%SiemensSeq%_tse",
	"PercentPhaseFOV": 100,
	"EchoTrainLength": 15,
	"PhaseEncodingSteps": 720,
	"AcquisitionMatrixPE": 512,
	"ReconMatrixPE": 512,
	"PixelBandwidth": 195,
	"DwellTime": 5e-06,
	"PhaseEncodingDirection": "i",
	"ImageOrientationPatientDICOM": [
		0.999969,
		0.0078994,
		-1.84329e-10,
		-0.00409917,
		0.518906,
		-0.854822	],
	"InPlanePhaseEncodingDirectionDICOM": "ROW",
	"ConversionSoftware": "dcm2niix",
	"ConversionSoftwareVersion": "v1.0.20180404 Clang8.0.0"
}
