{
	"Modality": "MR",
	"MagneticFieldStrength": 3,
	"ImagingFrequency": 123.256,
	"Manufacturer": "Siemens",
	"ManufacturersModelName": "TrioTim",
	"InstitutionName": "Brigham_Young_University",
	"InstitutionalDepartmentName": "MRI",
	"InstitutionAddress": "University_Pkwy_1700_North_685_Provo_UT_US_84601",
	"DeviceSerialNumber": "35002",
	"StationName": "MININT-E41B04",
	"PatientPosition": "HFS",
	"ProcedureStepDescription": "Research_KIRWAN",
	"SoftwareVersions": "syngo_MR_B17",
	"MRAcquisitionType": "2D",
	"SeriesDescription": "gre_field_mapping",
	"ProtocolName": "gre_field_mapping",
	"ScanningSequence": "GR",
	"SequenceVariant": "SP",
	"SequenceName": "_fm2d2r",
	"ImageType": ["ORIGINAL", "PRIMARY", "M", "ND"],
	"SeriesNumber": 10,
	"AcquisitionTime": "15:07:18.457500",
	"AcquisitionNumber": 1,
	"SliceThickness": 3,
	"SpacingBetweenSlices": 3,
	"SAR": 0.228092,
	"EchoNumber": 2,
	"EchoTime": 0.00738,
	"RepetitionTime": 0.529,
	"FlipAngle": 60,
	"PartialFourier": 1,
	"BaseResolution": 68,
	"ShimSetting": [
		-2675,
		-23170,
		2466,
		676,
		-210,
		-41,
		-259,
		36	],
	"TxRefAmp": 359.097,
	"PhaseResolution": 1,
	"ReceiveCoilName": "32Ch_Head",
	"CoilString": "C:HEA;HEP",
	"PulseSequenceDetails": "%SiemensSeq%_gre_field_mapping",
	"MultibandAccelerationFactor": 2,
	"PercentPhaseFOV": 100,
	"PhaseEncodingSteps": 68,
	"AcquisitionMatrixPE": 68,
	"ReconMatrixPE": 68,
	"PixelBandwidth": 291,
	"DwellTime": 2.53e-05,
	"PhaseEncodingDirection": "i",
	"SliceTiming": [
		0.26562,
		0,
		0.28125,
		0.01562,
		0.29688,
		0.03125,
		0.29688,
		0.03125,
		0.3125,
		0.04688,
		0.32812,
		0.0625,
		0.32812,
		0.0625,
		0.34375,
		0.07812,
		0.35938,
		0.09375,
		0.35938,
		0.09375,
		0.375,
		0.10938,
		0.39062,
		0.125,
		0.39062,
		0.125,
		0.40625,
		0.14062,
		0.42188,
		0.15625,
		0.4375,
		0.17188,
		0.4375,
		0.17188,
		0.45312,
		0.1875,
		0.46875,
		0.20312,
		0.46875,
		0.20312,
		0.48438,
		0.21875,
		0.5,
		0.23438,
		0.5,
		0.23438,
		0.51562,
		0.25,
		0.53125,
		0.26562	],
	"ImageOrientationPatientDICOM": [
		0.99997,
		-0.00391921,
		0.0066843,
		2.05131e-10,
		0.862651,
		0.505799	],
	"InPlanePhaseEncodingDirectionDICOM": "ROW",
	"ConversionSoftware": "dcm2niix",
	"ConversionSoftwareVersion": "v1.0.20190902"
}
